GEM
  remote: http://rubygems.org/
  specs:
    aruba (0.4.11)
      childprocess (>= 0.2.3)
      cucumber (>= 1.1.1)
      ffi (>= 1.0.11)
      rspec (>= 2.7.0)
    builder (3.0.0)
    childprocess (0.3.5)
      ffi (~> 1.0, >= 1.0.6)
    cucumber (1.2.1)
      builder (>= 2.1.2)
      diff-lcs (>= 1.1.3)
      gherkin (~> 2.11.0)
      json (>= 1.4.6)
    diff-lcs (1.1.3)
    ffi (1.1.5)
    gherkin (2.11.2)
      json (>= 1.4.6)
    guard (1.3.2)
      listen (>= 0.4.2)
      thor (>= 0.14.6)
    guard-cucumber (1.2.0)
      cucumber (>= 1.2.0)
      guard (>= 1.1.0)
    guard-rspec (1.2.1)
      guard (>= 1.1)
    json (1.7.5)
    listen (0.5.0)
    rb-inotify (0.8.8)
      ffi (>= 0.5.0)
    rb-readline (0.4.2)
    rspec (2.11.0)
      rspec-core (~> 2.11.0)
      rspec-expectations (~> 2.11.0)
      rspec-mocks (~> 2.11.0)
    rspec-core (2.11.1)
    rspec-expectations (2.11.2)
      diff-lcs (~> 1.1.3)
    rspec-mocks (2.11.2)
    thor (0.16.0)

PLATFORMS
  ruby

DEPENDENCIES
  aruba
  cucumber
  guard-cucumber
  guard-rspec
  rb-inotify
  rb-readline
  rspec
